GEM
  remote: https://rubygems.org/
  specs:
    benchmark-malloc (0.2.0)
    benchmark-perf (0.6.0)
    benchmark-trend (0.4.0)
    coderay (1.1.3)
    diff-lcs (1.5.1)
    method_source (1.1.0)
    pry (0.15.2)
      coderay (~> 1.1)
      method_source (~> 1.0)
    rspec (3.13.0)
      rspec-core (~> 3.13.0)
      rspec-expectations (~> 3.13.0)
      rspec-mocks (~> 3.13.0)
    rspec-benchmark (0.6.0)
      benchmark-malloc (~> 0.2)
      benchmark-perf (~> 0.6)
      benchmark-trend (~> 0.4)
      rspec (>= 3.0)
    rspec-core (3.13.2)
      rspec-support (~> 3.13.0)
    rspec-expectations (3.13.3)
      diff-lcs (>= 1.2.0, < 2.0)
      rspec-support (~> 3.13.0)
    rspec-mocks (3.13.2)
      diff-lcs (>= 1.2.0, < 2.0)
      rspec-support (~> 3.13.0)
    rspec-support (3.13.2)
    ruby-prof (1.7.1)
    ruby-progressbar (1.13.0)
    stackprof (0.2.27)

PLATFORMS
  arm64-darwin-23
  ruby

DEPENDENCIES
  pry
  rspec-benchmark
  ruby-prof
  ruby-progressbar
  stackprof

RUBY VERSION
   ruby 3.3.4p94

BUNDLED WITH
   2.5.23
