GEM
  remote: https://rubygems.org/
  specs:
    ast (2.4.2)
    benchmark-ips (2.10.0)
    benchmark-malloc (0.2.0)
    benchmark-perf (0.6.0)
    benchmark-trend (0.4.0)
    coderay (1.1.3)
    date (3.2.2)
    diff-lcs (1.5.0)
    json (2.6.1)
    kalibera (0.1.2)
      memoist (~> 0.16)
      rbzip2 (~> 0.3)
    memoist (0.16.2)
    method_source (1.0.0)
    minitest (5.15.0)
    parallel (1.22.1)
    parser (3.1.2.0)
      ast (~> 2.4.1)
    pry (0.14.1)
      coderay (~> 1.1)
      method_source (~> 1.0)
    rainbow (3.1.1)
    rbzip2 (0.3.0)
    regexp_parser (2.3.1)
    rexml (3.2.5)
    rspec (3.11.0)
      rspec-core (~> 3.11.0)
      rspec-expectations (~> 3.11.0)
      rspec-mocks (~> 3.11.0)
    rspec-benchmark (0.6.0)
      benchmark-malloc (~> 0.2)
      benchmark-perf (~> 0.6)
      benchmark-trend (~> 0.4)
      rspec (>= 3.0)
    rspec-core (3.11.0)
      rspec-support (~> 3.11.0)
    rspec-expectations (3.11.0)
      diff-lcs (>= 1.2.0, < 2.0)
      rspec-support (~> 3.11.0)
    rspec-mocks (3.11.1)
      diff-lcs (>= 1.2.0, < 2.0)
      rspec-support (~> 3.11.0)
    rspec-support (3.11.0)
    rubocop (1.29.0)
      parallel (~> 1.10)
      parser (>= 3.1.0.0)
      rainbow (>= 2.2.2, < 4.0)
      regexp_parser (>= 1.8, < 3.0)
      rexml (>= 3.2.5, < 4.0)
      rubocop-ast (>= 1.17.0, < 2.0)
      ruby-progressbar (~> 1.7)
      unicode-display_width (>= 1.4.0, < 3.0)
    rubocop-ast (1.17.0)
      parser (>= 3.1.1.0)
    rubocop-minitest (0.19.1)
      rubocop (>= 0.90, < 2.0)
    rubocop-performance (1.13.3)
      rubocop (>= 1.7.0, < 2.0)
      rubocop-ast (>= 0.4.0)
    rubocop-rspec (2.10.0)
      rubocop (~> 1.19)
    ruby-prof (1.4.3)
    ruby-progressbar (1.11.0)
    stackprof (0.2.19)
    unicode-display_width (2.1.0)

PLATFORMS
  ruby

DEPENDENCIES
  benchmark-ips
  date
  json
  kalibera
  minitest
  pry
  rspec
  rspec-benchmark
  rubocop
  rubocop-minitest
  rubocop-performance
  rubocop-rspec
  ruby-prof
  stackprof

RUBY VERSION
   ruby 2.7.2p137

BUNDLED WITH
   2.1.4
