GEM
  remote: https://rubygems.org/
  specs:
    coderay (1.1.2)
    date (3.0.0)
    json (2.3.0)
    method_source (0.9.2)
    minitest (5.14.0)
    minitest-assert-json-equal (0.2.1)
      minitest (~> 5.0)
    oj (3.10.2)
    pry (0.12.2)
      coderay (~> 1.1.0)
      method_source (~> 0.9.0)
    ruby-prof (1.2.0)
    stackprof (0.2.15)

PLATFORMS
  ruby

DEPENDENCIES
  date (~> 3.0)
  json (~> 2.3)
  minitest (~> 5.14)
  minitest-assert-json-equal (~> 0.2.1)
  oj (~> 3.10)
  pry (~> 0.12.2)
  ruby-prof (~> 1.2)
  stackprof (~> 0.2.15)

BUNDLED WITH
   1.17.3
