GEM
  remote: https://rubygems.org/
  specs:
    benchmark (0.1.0)
    benchmark-malloc (0.2.0)
    benchmark-perf (0.6.0)
    benchmark-trend (0.4.0)
    byebug (11.1.3)
    colorize (0.8.1)
    diff-lcs (1.4.4)
    fasterer (0.8.3)
      colorize (~> 0.7)
      ruby_parser (>= 3.14.1)
    minitest (5.14.2)
    oj (3.10.14)
    rspec (3.9.0)
      rspec-core (~> 3.9.0)
      rspec-expectations (~> 3.9.0)
      rspec-mocks (~> 3.9.0)
    rspec-benchmark (0.6.0)
      benchmark-malloc (~> 0.2)
      benchmark-perf (~> 0.6)
      benchmark-trend (~> 0.4)
      rspec (>= 3.0)
    rspec-core (3.9.3)
      rspec-support (~> 3.9.3)
    rspec-expectations (3.9.2)
      diff-lcs (>= 1.2.0, < 2.0)
      rspec-support (~> 3.9.0)
    rspec-mocks (3.9.1)
      diff-lcs (>= 1.2.0, < 2.0)
      rspec-support (~> 3.9.0)
    rspec-support (3.9.3)
    ruby-prof (1.4.1)
    ruby-progressbar (1.10.1)
    ruby_parser (3.15.0)
      sexp_processor (~> 4.9)
    sexp_processor (4.15.1)
    stackprof (0.2.15)

PLATFORMS
  ruby

DEPENDENCIES
  benchmark (= 0.1.0)
  byebug (= 11.1.3)
  fasterer (= 0.8.3)
  minitest (= 5.14.2)
  oj
  rspec-benchmark
  ruby-prof (= 1.4.1)
  ruby-progressbar (~> 1.10, >= 1.10.1)
  stackprof (= 0.2.15)

RUBY VERSION
   ruby 2.7.1p83

BUNDLED WITH
   2.2.0.rc.1
