GEM
  remote: https://rubygems.org/
  specs:
    ast (2.4.2)
    backports (3.21.0)
    benchmark-ips (2.8.4)
    benchmark-malloc (0.2.0)
    benchmark-perf (0.6.0)
    benchmark-trend (0.4.0)
    better_errors (1.1.0)
      coderay (>= 1.0.0)
      erubis (>= 2.6.6)
    coderay (1.1.3)
    colorize (0.8.1)
    diff-lcs (1.4.4)
    erubis (2.7.0)
    fasterer (0.9.0)
      colorize (~> 0.7)
      ruby_parser (>= 3.14.1)
    haml (5.1.2)
      temple (>= 0.8.0)
      tilt
    kalibera (0.1.1)
      memoist (~> 0.11.0)
      rbzip2 (~> 0.2.0)
    memoist (0.11.0)
    method_source (1.0.0)
    multi_json (1.15.0)
    mustermann (1.1.1)
      ruby2_keywords (~> 0.0.1)
    oj (3.11.5)
    parallel (1.20.1)
    parser (3.0.1.0)
      ast (~> 2.4.1)
    pry (0.14.1)
      coderay (~> 1.1)
      method_source (~> 1.0)
    rack (2.2.3)
    rack-protection (2.0.8.1)
      rack
    rainbow (3.0.0)
    rbzip2 (0.2.0)
    regexp_parser (2.1.1)
    rexml (3.2.5)
    rspec (3.10.0)
      rspec-core (~> 3.10.0)
      rspec-expectations (~> 3.10.0)
      rspec-mocks (~> 3.10.0)
    rspec-benchmark (0.6.0)
      benchmark-malloc (~> 0.2)
      benchmark-perf (~> 0.6)
      benchmark-trend (~> 0.4)
      rspec (>= 3.0)
    rspec-core (3.10.1)
      rspec-support (~> 3.10.0)
    rspec-expectations (3.10.1)
      diff-lcs (>= 1.2.0, < 2.0)
      rspec-support (~> 3.10.0)
    rspec-mocks (3.10.2)
      diff-lcs (>= 1.2.0, < 2.0)
      rspec-support (~> 3.10.0)
    rspec-support (3.10.2)
    rubocop (1.12.1)
      parallel (~> 1.10)
      parser (>= 3.0.0.0)
      rainbow (>= 2.2.2, < 4.0)
      regexp_parser (>= 1.8, < 3.0)
      rexml
      rubocop-ast (>= 1.2.0, < 2.0)
      ruby-progressbar (~> 1.7)
      unicode-display_width (>= 1.4.0, < 3.0)
    rubocop-ast (1.4.1)
      parser (>= 2.7.1.5)
    rubocop-performance (1.10.2)
      rubocop (>= 0.90.0, < 2.0)
      rubocop-ast (>= 0.4.0)
    ruby-graphviz (1.2.5)
      rexml
    ruby-prof (1.4.3)
    ruby-progressbar (1.11.0)
    ruby2_keywords (0.0.4)
    ruby_parser (3.15.1)
      sexp_processor (~> 4.9)
    sexp_processor (4.15.2)
    sinatra (2.0.8.1)
      mustermann (~> 1.0)
      rack (~> 2.0)
      rack-protection (= 2.0.8.1)
      tilt (~> 2.0)
    sinatra-contrib (2.0.8.1)
      backports (>= 2.8.2)
      multi_json
      mustermann (~> 1.0)
      rack-protection (= 2.0.8.1)
      sinatra (= 2.0.8.1)
      tilt (~> 2.0)
    stackprof (0.2.16)
    stackprof-webnav (1.0.1)
      better_errors (~> 1.1.0)
      haml (~> 5.1.2)
      ruby-graphviz (~> 1.2.4)
      sinatra (~> 2.0.7)
      sinatra-contrib (~> 2.0.5)
      stackprof (>= 0.2.13)
    temple (0.8.2)
    tilt (2.0.10)
    unicode-display_width (2.0.0)

PLATFORMS
  ruby

DEPENDENCIES
  benchmark-ips
  fasterer
  kalibera
  oj
  pry
  rspec-benchmark
  rubocop-performance
  ruby-prof
  stackprof
  stackprof-webnav

BUNDLED WITH
   2.1.4
