GEM
  remote: https://rubygems.org/
  specs:
    ruby-prof (1.7.0)

PLATFORMS
  ruby
  x86_64-linux

DEPENDENCIES
  ruby-prof

RUBY VERSION
   ruby 3.3.6p108

BUNDLED WITH
   2.5.16
