GEM
  remote: https://rubygems.org/
  specs:
    benchmark (0.1.1)
    benchmark-malloc (0.2.0)
    benchmark-perf (0.6.0)
    benchmark-trend (0.4.0)
    coderay (1.1.3)
    date (3.1.1)
    diff-lcs (1.4.4)
    json (2.5.1)
    method_source (1.0.0)
    oj (3.13.6)
    pry (0.14.1)
      coderay (~> 1.1)
      method_source (~> 1.0)
    rspec (3.10.0)
      rspec-core (~> 3.10.0)
      rspec-expectations (~> 3.10.0)
      rspec-mocks (~> 3.10.0)
    rspec-benchmark (0.6.0)
      benchmark-malloc (~> 0.2)
      benchmark-perf (~> 0.6)
      benchmark-trend (~> 0.4)
      rspec (>= 3.0)
    rspec-core (3.10.1)
      rspec-support (~> 3.10.0)
    rspec-expectations (3.10.1)
      diff-lcs (>= 1.2.0, < 2.0)
      rspec-support (~> 3.10.0)
    rspec-mocks (3.10.2)
      diff-lcs (>= 1.2.0, < 2.0)
      rspec-support (~> 3.10.0)
    rspec-support (3.10.2)
    ruby-prof (1.4.3)

PLATFORMS
  x86_64-linux

DEPENDENCIES
  benchmark
  date
  json
  oj
  pry
  rspec
  rspec-benchmark
  ruby-prof

BUNDLED WITH
   2.2.27
